GIT
  remote: https://github.com/rom-rb/rom.git
  revision: 17c442543baa084a26d5cff50457489afcc7e19b
  branch: master
  specs:
    rom (0.6.0)
      addressable (~> 2.3)
      charlatan (~> 0.1, >= 0.1)
      concord (~> 0.1, >= 0.1.4)
      descendants_tracker (~> 0.0, >= 0.0.4)
      equalizer (~> 0.0, >= 0.0.9)
      inflecto (~> 0.0, >= 0.0.2)
      thread_safe (~> 0.3)
      transproc (~> 0.1)

GEM
  remote: https://rubygems.org/
  specs:
    activesupport (4.2.0)
      i18n (~> 0.7)
      json (~> 1.7, >= 1.7.7)
      minitest (~> 5.1)
      thread_safe (~> 0.3, >= 0.3.4)
      tzinfo (~> 1.1)
    adamantium (0.2.0)
      ice_nine (~> 0.11.0)
      memoizable (~> 0.4.0)
    addressable (2.3.7)
    charlatan (0.1.0)
    concord (0.1.5)
      adamantium (~> 0.2.0)
      equalizer (~> 0.0.9)
    descendants_tracker (0.0.4)
      thread_safe (~> 0.3, >= 0.3.1)
    diff-lcs (1.2.5)
    equalizer (0.0.9)
    faraday (0.9.1)
      multipart-post (>= 1.2, < 3)
    faraday_middleware (0.9.1)
      faraday (>= 0.7.4, < 0.10)
    httparty (0.13.3)
      json (~> 1.8)
      multi_xml (>= 0.5.2)
    httpclient (2.6.0.1)
    i18n (0.7.0)
    ice_nine (0.11.1)
    inflecto (0.0.2)
    json (1.8.2)
    memoizable (0.4.2)
      thread_safe (~> 0.3, >= 0.3.1)
    minitest (5.5.1)
    multi_xml (0.5.5)
    multipart-post (2.0.0)
    neo4j-core (4.0.2)
      activesupport
      faraday (~> 0.9.0)
      faraday_middleware (~> 0.9.1)
      httparty
      httpclient
      json
      net-http-persistent
      os
      zip
    net-http-persistent (2.9.4)
    os (0.9.6)
    rspec (3.2.0)
      rspec-core (~> 3.2.0)
      rspec-expectations (~> 3.2.0)
      rspec-mocks (~> 3.2.0)
    rspec-core (3.2.0)
      rspec-support (~> 3.2.0)
    rspec-expectations (3.2.0)
      diff-lcs (>= 1.2.0, < 2.0)
      rspec-support (~> 3.2.0)
    rspec-mocks (3.2.0)
      diff-lcs (>= 1.2.0, < 2.0)
      rspec-support (~> 3.2.0)
    rspec-support (3.2.1)
    thread_safe (0.3.4)
    transproc (0.1.0)
    tzinfo (1.2.2)
      thread_safe (~> 0.1)
    zip (2.0.2)

PLATFORMS
  ruby

DEPENDENCIES
  neo4j-core
  rom!
  rspec (~> 3.1)
